GEM
  remote: https://rubygems.org/
  specs:
    cinch (2.3.1)
    cinch-cooldown (1.1.5)
      cinch (~> 2)
      time-lord (~> 1.0, >= 1.0.1)
    curb (0.9.0)
    filesize (0.1.1)
    google_currency (3.2.0)
      money (~> 6.5.0)
    httparty (0.13.7)
      json (~> 1.8)
      multi_xml (>= 0.5.2)
    i18n (0.7.0)
    json (1.8.3)
    mini_portile2 (2.0.0)
    money (6.5.1)
      i18n (>= 0.6.4, <= 0.7.0)
    multi_xml (0.5.5)
    nokogiri (1.6.7.1)
      mini_portile2 (~> 2.0.0.rc2)
    omdbapi (0.2.1)
      httparty (>= 0.13)
    require_all (1.3.3)
    ruby-units (2.0.0)
    ruby-web-search (0.0.2)
      json
    time-lord (1.0.1)

PLATFORMS
  ruby

DEPENDENCIES
  cinch
  cinch-cooldown
  curb
  filesize
  google_currency
  money
  nokogiri
  omdbapi
  require_all
  ruby-units
  ruby-web-search

BUNDLED WITH
   1.11.2
